GEM
  remote: https://rubygems.org/
  specs:
    byebug (11.1.2)
    coderay (1.1.2)
    method_source (1.0.0)
    mini_portile2 (2.8.0)
    nokogiri (1.13.5)
      mini_portile2 (~> 2.8.0)
      racc (~> 1.4)
    pry (0.13.1)
      coderay (~> 1.1)
      method_source (~> 1.0)
    pry-byebug (3.9.0)
      byebug (~> 11.0)
      pry (~> 0.13.0)
    racc (1.6.0)
    rake (13.0.1)

PLATFORMS
  ruby

DEPENDENCIES
  nokogiri (~> 1.13)
  pry-byebug
  rake

RUBY VERSION
   ruby 2.6.2p47

BUNDLED WITH
   2.0.1
